GEM
  remote: https://rubygems.org/
  specs:
    descriptive_statistics (1.1.5)
    pdf-core (0.2.5)
    prawn (1.1.0)
      pdf-core (~> 0.2.5)
      ttfunk (~> 1.2.0)
    ttfunk (1.2.0)

PLATFORMS
  ruby

DEPENDENCIES
  descriptive_statistics
  prawn
