GEM
  remote: https://rubygems.org/
  specs:
    descriptive_statistics (1.1.5)

PLATFORMS
  ruby

DEPENDENCIES
  descriptive_statistics
